PATH
  remote: .
  specs:
    tabula-extractor (0.7.3-java)
      trollop (~> 2.0)

GEM
  remote: http://rubygems.org/
  specs:
    coderay (1.1.0)
    columnize (0.3.6)
    ffi (1.9.3-java)
    method_source (0.8.2)
    minitest (5.0.6)
    pry (0.9.12.4-java)
      coderay (~> 1.0)
      method_source (~> 0.8)
      slop (~> 3.4)
      spoon (~> 0.0)
    rake (10.1.0)
    rake-compiler (0.9.2)
      rake
    ruby-debug (0.10.4)
      columnize (>= 0.1)
      ruby-debug-base (~> 0.10.4.0)
    ruby-debug-base (0.10.4-java)
    slop (3.4.7)
    spoon (0.0.4)
      ffi
    trollop (2.0)

PLATFORMS
  java

DEPENDENCIES
  bundler (>= 1.3.4)
  minitest
  pry
  rake
  rake-compiler
  ruby-debug
  tabula-extractor!
