PATH
  remote: .
  specs:
    tabula-extractor (0.7.5-java)
      trollop (~> 2.0)

GEM
  remote: http://rubygems.org/
  specs:
    coderay (1.1.0)
    columnize (0.8.9)
    ffi (1.9.5-java)
    method_source (0.8.2)
    minitest (5.4.2)
    pry (0.10.1-java)
      coderay (~> 1.1.0)
      method_source (~> 0.8.1)
      slop (~> 3.4)
      spoon (~> 0.0)
    rake (10.3.2)
    ruby-debug (0.10.4)
      columnize (>= 0.1)
      ruby-debug-base (~> 0.10.4.0)
    ruby-debug-base (0.10.4-java)
    slop (3.6.0)
    spoon (0.0.4)
      ffi
    trollop (2.0)

PLATFORMS
  java

DEPENDENCIES
  bundler (>= 1.3.4)
  minitest
  pry
  rake
  ruby-debug
  tabula-extractor!
